RESTRICTION: == net472
NUGET
  remote: https://api.nuget.org/v3/index.json
    Castle.Core (4.4)
    LibGit2Sharp (0.26.2)
      LibGit2Sharp.NativeBinaries (2.0.306)
    LibGit2Sharp.NativeBinaries (2.0.306)
    Moq (4.14.7)
      Castle.Core (>= 4.4)
      System.Threading.Tasks.Extensions (>= 4.5.1)
    NLog (4.7.5)
    structuremap (2.6.3)
    structuremap.automocking (2.6.3)
      structuremap (>= 2.6.2)
    System.Runtime.CompilerServices.Unsafe (4.7.1)
    System.Threading.Tasks.Extensions (4.5.4)
      System.Runtime.CompilerServices.Unsafe (>= 4.5.3)
    xunit (2.4.1)
      xunit.analyzers (>= 0.10)
      xunit.assert (2.4.1)
      xunit.core (2.4.1)
    xunit.abstractions (2.0.3)
    xunit.analyzers (0.10)
    xunit.assert (2.4.1)
    xunit.core (2.4.1)
      xunit.extensibility.core (2.4.1)
      xunit.extensibility.execution (2.4.1)
    xunit.extensibility.core (2.4.1)
      xunit.abstractions (>= 2.0.3)
    xunit.extensibility.execution (2.4.1)
      xunit.extensibility.core (2.4.1)
    xunit.runner.visualstudio (2.4.1) - version_in_path: true

GROUP Build
REDIRECTS: OFF
NUGET
  remote: https://api.nuget.org/v3/index.json
    Cake (0.38.5)
    Cake.Git (0.22)
    GitVersion.CommandLine (5.5)
    Octokit (0.48)
    Octokit.CodeFormatter (1.0.0-preview)
    OpenCover (4.7.922)
    ReportGenerator (4.7.1)
    xunit.runner.console (2.4.1)

GROUP VS2015
RESTRICTION: == net472
NUGET
  remote: https://api.nuget.org/v3/index.json
    Microsoft.AspNet.WebApi.Client (5.2.3)
      Newtonsoft.Json (>= 6.0.4)
    Microsoft.AspNet.WebApi.Core (5.2.3)
      Microsoft.AspNet.WebApi.Client (>= 5.2.3)
    Microsoft.IdentityModel.Clients.ActiveDirectory (3.13.9)
    Microsoft.IdentityModel.Logging (1.1.3)
    Microsoft.IdentityModel.Tokens (5.1.3)
      Microsoft.IdentityModel.Logging (>= 1.1.3)
      Newtonsoft.Json (>= 9.0.1)
    Microsoft.TeamFoundationServer.Client (14.102)
      Microsoft.AspNet.WebApi.Client (>= 5.2.2)
      Microsoft.VisualStudio.Services.Client (14.102)
      Newtonsoft.Json (>= 6.0.8)
    Microsoft.TeamFoundationServer.ExtendedClient (14.102)
      Microsoft.AspNet.WebApi.Client (>= 5.2.2)
      Microsoft.AspNet.WebApi.Core (>= 5.2.2)
      Microsoft.IdentityModel.Clients.ActiveDirectory (>= 2.16.204221202)
      Microsoft.TeamFoundationServer.Client (14.102)
      Microsoft.VisualStudio.Services.Client (14.102)
      Microsoft.VisualStudio.Services.InteractiveClient (14.102)
      Newtonsoft.Json (>= 6.0.8)
      System.IdentityModel.Tokens.Jwt (>= 4.0)
    Microsoft.VisualStudio.Services.Client (14.102)
      Microsoft.AspNet.WebApi.Client (>= 5.2.2)
      Newtonsoft.Json (>= 6.0.8)
    Microsoft.VisualStudio.Services.InteractiveClient (14.102)
      Microsoft.AspNet.WebApi.Client (>= 5.2.2)
      Microsoft.IdentityModel.Clients.ActiveDirectory (>= 2.16.204221202)
      Microsoft.VisualStudio.Services.Client (14.102)
      Newtonsoft.Json (>= 6.0.8)
      System.IdentityModel.Tokens.Jwt (>= 4.0)
      WindowsAzure.ServiceBus (>= 2.5.1)
    Newtonsoft.Json (10.0.2)
    System.IdentityModel.Tokens.Jwt (5.1.3)
      Microsoft.IdentityModel.Tokens (>= 5.1.3)
    WindowsAzure.ServiceBus (4.0)

GROUP VS2017
RESTRICTION: == net472
NUGET
  remote: https://api.nuget.org/v3/index.json
    MessagePack (2.2.60)
      MessagePack.Annotations (>= 2.2.60)
      Microsoft.Bcl.AsyncInterfaces (>= 1.0)
      System.Collections.Immutable (>= 1.5)
      System.Memory (>= 4.5.3)
      System.Reflection.Emit (>= 4.6)
      System.Reflection.Emit.Lightweight (>= 4.6)
      System.Runtime.CompilerServices.Unsafe (>= 4.5.2)
      System.Threading.Tasks.Extensions (>= 4.5.3)
    MessagePack.Annotations (2.2.60)
    Microsoft.AspNet.WebApi.Client (5.2.7)
      Newtonsoft.Json (>= 6.0.4)
    Microsoft.AspNet.WebApi.Core (5.2.7)
      Microsoft.AspNet.WebApi.Client (>= 5.2.7)
    Microsoft.Azure.Services.AppAuthentication (1.6)
      Microsoft.IdentityModel.Clients.ActiveDirectory (>= 5.2)
    Microsoft.Bcl.AsyncInterfaces (1.1.1)
      System.Threading.Tasks.Extensions (>= 4.5.4)
    Microsoft.CodeAnalysis.BannedApiAnalyzers (3.3.1)
    Microsoft.Diagnostics.Tracing.EventSource.Redist (2.2)
    Microsoft.IdentityModel.Clients.ActiveDirectory (5.2.8)
      System.Net.Http (>= 4.3.4)
    Microsoft.IdentityModel.JsonWebTokens (6.8)
      Microsoft.IdentityModel.Tokens (>= 6.8)
    Microsoft.IdentityModel.Logging (6.8)
    Microsoft.IdentityModel.Tokens (6.8)
      Microsoft.IdentityModel.Logging (>= 6.8)
    Microsoft.Rest.ClientRuntime (2.3.22)
      Newtonsoft.Json (>= 10.0.3)
    Microsoft.ServiceHub.Analyzers (2.6.92)
    Microsoft.ServiceHub.Client (2.6.92)
      Microsoft.ServiceHub.Framework (>= 2.6.92)
      Microsoft.ServiceHub.Resources (>= 2.6.92)
      Microsoft.VisualStudio.RemoteControl (>= 16.3.23)
      Microsoft.VisualStudio.Telemetry (>= 16.3.58)
      StreamJsonRpc (>= 2.5.37)
      System.Collections.Immutable (>= 1.5)
    Microsoft.ServiceHub.Framework (2.6.92)
      Microsoft.ServiceHub.Analyzers (>= 2.6.92)
      StreamJsonRpc (>= 2.5.37)
      System.Collections.Immutable (>= 1.5)
    Microsoft.ServiceHub.Resources (2.6.92)
    Microsoft.TeamFoundation.DistributedTask.Common.Contracts (15.131.1)
      Microsoft.VisualStudio.Services.Client (15.131.1)
    Microsoft.TeamFoundationServer.Client (15.131.1)
      Microsoft.AspNet.WebApi.Client (>= 5.2.3)
      Microsoft.TeamFoundation.DistributedTask.Common.Contracts (15.131.1)
      Microsoft.VisualStudio.Services.Client (15.131.1)
      Newtonsoft.Json (>= 9.0.1)
    Microsoft.TeamFoundationServer.ExtendedClient (15.131.1)
      Microsoft.AspNet.WebApi.Client (>= 5.2.3)
      Microsoft.AspNet.WebApi.Core (>= 5.2.3)
      Microsoft.IdentityModel.Clients.ActiveDirectory (>= 3.17.2)
      Microsoft.TeamFoundationServer.Client (15.131.1)
      Microsoft.VisualStudio.Services.Client (15.131.1)
      Microsoft.VisualStudio.Services.InteractiveClient (15.131.1)
      Newtonsoft.Json (>= 9.0.1)
      System.IdentityModel.Tokens.Jwt (>= 5.1.5)
    Microsoft.VisualStudio.CoreUtility (16.6.255)
      Microsoft.VisualStudio.Threading (>= 16.6.5-alpha)
      System.Collections.Immutable (>= 1.5)
      System.ComponentModel.Composition (>= 4.5)
    Microsoft.VisualStudio.ImageCatalog (16.7.30328.74)
      Microsoft.VisualStudio.Imaging.Interop.14.0.DesignTime (>= 16.7.30328.74)
    Microsoft.VisualStudio.Imaging (16.7.30329.63)
      Microsoft.VisualStudio.ImageCatalog (>= 16.7.30328.74)
      Microsoft.VisualStudio.Utilities (>= 16.7.30329.38)
    Microsoft.VisualStudio.Imaging.Interop.14.0.DesignTime (16.7.30328.74)
    Microsoft.VisualStudio.OLE.Interop (16.7.30328.74)
    Microsoft.VisualStudio.RegDetour (16.7.30329.38)
    Microsoft.VisualStudio.RemoteControl (16.3.23)
      Microsoft.VisualStudio.Utilities.Internal (>= 16.3.5)
    Microsoft.VisualStudio.SDK.Analyzers (16.7.9)
      Microsoft.CodeAnalysis.BannedApiAnalyzers (>= 3.0)
      Microsoft.VisualStudio.Threading.Analyzers (>= 16.7.40)
    Microsoft.VisualStudio.SDK.EmbedInteropTypes (15.0.34)
    Microsoft.VisualStudio.Services.Client (15.131.1)
      Microsoft.AspNet.WebApi.Client (>= 5.2.3)
      Newtonsoft.Json (>= 9.0.1)
    Microsoft.VisualStudio.Services.InteractiveClient (15.131.1)
      Microsoft.IdentityModel.Clients.ActiveDirectory (>= 3.17.2)
      Microsoft.IdentityModel.Logging (>= 1.1.5)
      Microsoft.IdentityModel.Tokens (>= 5.1.5)
      Microsoft.VisualStudio.Services.Client (15.131.1)
      Newtonsoft.Json (>= 9.0.1)
      System.IdentityModel.Tokens.Jwt (>= 5.1.5)
      WindowsAzure.ServiceBus (>= 3.3.2)
    Microsoft.VisualStudio.Settings.15.0 (15.9.28307)
      Microsoft.VisualStudio.RegDetour (>= 15.9.28307)
      Microsoft.VisualStudio.Shell.15.0 (>= 15.9.28307)
    Microsoft.VisualStudio.Setup.Configuration.Interop (1.16.30)
    Microsoft.VisualStudio.Shell.15.0 (16.7.30329.88)
      Microsoft.ServiceHub.Framework (>= 2.4.227)
      Microsoft.VisualStudio.Imaging (>= 16.7.30329.63)
      Microsoft.VisualStudio.SDK.EmbedInteropTypes (>= 15.0.30)
      Microsoft.VisualStudio.Shell.Embeddable (>= 16.7.30328.119)
      Microsoft.VisualStudio.Shell.Framework (>= 16.7.30329.88)
      Microsoft.VisualStudio.Shell.Interop.14.0.DesignTime (>= 14.3.26930)
      Microsoft.VisualStudio.Shell.Interop.15.3.DesignTime (>= 15.0.26930)
      Microsoft.VisualStudio.Shell.Interop.15.6.DesignTime (>= 15.6.27414)
      Microsoft.VisualStudio.Shell.Interop.9.0 (>= 9.0.30731)
      Microsoft.VisualStudio.Telemetry (>= 16.3.59)
      Microsoft.VisualStudio.Text.Data (>= 16.0.428)
      Microsoft.VisualStudio.Threading (>= 16.7.40)
      System.Collections.Immutable (>= 1.5)
    Microsoft.VisualStudio.Shell.Embeddable (16.7.30328.119)
      Microsoft.ServiceHub.Framework (>= 2.6.92)
      Microsoft.VisualStudio.Imaging.Interop.14.0.DesignTime (>= 14.3.26931)
      Nerdbank.NetStandardBridge (>= 1.0.3)
    Microsoft.VisualStudio.Shell.Framework (16.7.30329.88)
      Microsoft.VisualStudio.OLE.Interop (>= 7.10.6072)
      Microsoft.VisualStudio.SDK.Analyzers (>= 16.7.8)
      Microsoft.VisualStudio.Utilities (>= 16.7.30329.38)
    Microsoft.VisualStudio.Shell.Interop (16.7.30328.74)
      Microsoft.VisualStudio.TextManager.Interop (>= 16.7.30328.74)
    Microsoft.VisualStudio.Shell.Interop.10.0 (16.7.30328.74)
      Microsoft.VisualStudio.Shell.Interop.8.0 (>= 16.7.30328.74)
    Microsoft.VisualStudio.Shell.Interop.11.0 (16.7.30328.74)
      Microsoft.VisualStudio.Shell.Interop.10.0 (>= 16.7.30328.74)
    Microsoft.VisualStudio.Shell.Interop.12.0 (16.7.30328.74)
      Microsoft.VisualStudio.Shell.Interop.11.0 (>= 16.7.30328.74)
    Microsoft.VisualStudio.Shell.Interop.14.0.DesignTime (16.7.30328.74)
      Microsoft.VisualStudio.Imaging.Interop.14.0.DesignTime (>= 16.7.30328.74)
      Microsoft.VisualStudio.Shell.Interop.12.0 (>= 16.7.30328.74)
    Microsoft.VisualStudio.Shell.Interop.15.3.DesignTime (16.7.30328.74)
      Microsoft.VisualStudio.Shell.Interop.11.0 (>= 16.7.30328.74)
    Microsoft.VisualStudio.Shell.Interop.15.6.DesignTime (16.7.30328.74)
      Microsoft.VisualStudio.Shell.Interop.11.0 (>= 16.7.30328.74)
    Microsoft.VisualStudio.Shell.Interop.8.0 (16.7.30328.74)
      Microsoft.VisualStudio.TextManager.Interop.8.0 (>= 16.7.30328.74)
    Microsoft.VisualStudio.Shell.Interop.9.0 (16.7.30328.74)
      Microsoft.VisualStudio.Shell.Interop.8.0 (>= 16.7.30328.74)
    Microsoft.VisualStudio.Telemetry (16.3.59)
      Microsoft.Diagnostics.Tracing.EventSource.Redist (>= 1.1.28)
      Microsoft.VisualStudio.RemoteControl (>= 16.3.23)
      Newtonsoft.Json (>= 9.0.1)
    Microsoft.VisualStudio.Text.Data (16.6.255)
      Microsoft.VisualStudio.CoreUtility (>= 16.6.255)
      Microsoft.VisualStudio.Threading (>= 16.6.5-alpha)
    Microsoft.VisualStudio.TextManager.Interop (16.7.30328.74)
      Microsoft.VisualStudio.OLE.Interop (>= 16.7.30328.74)
    Microsoft.VisualStudio.TextManager.Interop.8.0 (16.7.30328.74)
      Microsoft.VisualStudio.Shell.Interop (>= 16.7.30328.74)
    Microsoft.VisualStudio.Threading (16.8.51)
      Microsoft.Bcl.AsyncInterfaces (>= 1.1.1)
      Microsoft.VisualStudio.Threading.Analyzers (>= 16.8.51)
      Microsoft.VisualStudio.Validation (>= 16.8.33)
      Microsoft.Win32.Registry (>= 4.7)
      System.Threading.Tasks.Extensions (>= 4.5.4)
    Microsoft.VisualStudio.Threading.Analyzers (16.8.51)
    Microsoft.VisualStudio.Utilities (16.7.30329.38)
      Microsoft.ServiceHub.Client (>= 2.6.92)
      System.ComponentModel.Composition (>= 4.5)
      System.Threading.AccessControl (>= 4.7)
      System.Threading.Tasks.Dataflow (>= 4.9)
    Microsoft.VisualStudio.Utilities.Internal (16.3.23)
    Microsoft.VisualStudio.Validation (16.8.33)
    Microsoft.Win32.Registry (4.7)
      System.Security.AccessControl (>= 4.7)
      System.Security.Principal.Windows (>= 4.7)
    Nerdbank.NetStandardBridge (1.0.3)
    Nerdbank.Streams (2.6.81)
      Microsoft.Bcl.AsyncInterfaces (>= 1.1.1)
      Microsoft.VisualStudio.Threading (>= 16.7.56)
      Microsoft.VisualStudio.Validation (>= 15.5.31)
      System.IO.Pipelines (>= 4.7.2)
      System.Net.WebSockets (>= 4.3)
      System.Runtime.CompilerServices.Unsafe (>= 4.7.1)
    Newtonsoft.Json (12.0.3)
    StreamJsonRpc (2.6.121)
      MessagePack (>= 2.1.194)
      Microsoft.Bcl.AsyncInterfaces (>= 1.1.1)
      Microsoft.VisualStudio.Threading (>= 16.7.56)
      Nerdbank.Streams (>= 2.6.77)
      Newtonsoft.Json (>= 12.0.2)
      System.Collections.Immutable (>= 1.7.1)
      System.IO.Pipelines (>= 4.7.2)
      System.Memory (>= 4.5.4)
      System.Net.Http (>= 4.3.4)
      System.Net.WebSockets (>= 4.3)
      System.Reflection.Emit (>= 4.7)
      System.Threading.Tasks.Dataflow (>= 4.11.1)
      System.Threading.Tasks.Extensions (>= 4.5.4)
    System.Buffers (4.5.1)
    System.Collections.Immutable (1.7.1)
      System.Memory (>= 4.5.4)
    System.ComponentModel.Composition (4.7)
    System.IdentityModel.Tokens.Jwt (6.8)
      Microsoft.IdentityModel.JsonWebTokens (>= 6.8)
      Microsoft.IdentityModel.Tokens (>= 6.8)
    System.IO (4.3)
    System.IO.Pipelines (4.7.3)
      System.Buffers (>= 4.5.1)
      System.Memory (>= 4.5.4)
      System.Threading.Tasks.Extensions (>= 4.5.4)
    System.Memory (4.5.4)
      System.Buffers (>= 4.5.1)
      System.Numerics.Vectors (>= 4.5)
      System.Runtime.CompilerServices.Unsafe (>= 4.5.3)
    System.Net.Http (4.3.4)
      System.Security.Cryptography.X509Certificates (>= 4.3)
    System.Net.WebSockets (4.3)
    System.Numerics.Vectors (4.5)
    System.Reflection.Emit (4.7)
    System.Reflection.Emit.Lightweight (4.7)
    System.Runtime (4.3.1)
    System.Runtime.CompilerServices.Unsafe (4.7.1)
    System.Security.AccessControl (4.7)
      System.Security.Principal.Windows (>= 4.7)
    System.Security.Cryptography.Algorithms (4.3.1)
      System.IO (>= 4.3)
      System.Runtime (>= 4.3)
      System.Security.Cryptography.Encoding (>= 4.3)
      System.Security.Cryptography.Primitives (>= 4.3)
    System.Security.Cryptography.Encoding (4.3)
    System.Security.Cryptography.Primitives (4.3)
    System.Security.Cryptography.X509Certificates (4.3.2)
      System.Security.Cryptography.Algorithms (>= 4.3)
      System.Security.Cryptography.Encoding (>= 4.3)
    System.Security.Principal.Windows (4.7)
    System.Threading.AccessControl (4.7)
      System.Security.AccessControl (>= 4.7)
      System.Security.Principal.Windows (>= 4.7)
    System.Threading.Tasks.Dataflow (4.11.1)
    System.Threading.Tasks.Extensions (4.5.4)
      System.Runtime.CompilerServices.Unsafe (>= 4.5.3)
    WindowsAzure.ServiceBus (6.0.3)
      Microsoft.Azure.Services.AppAuthentication (>= 1.0.3)
      Microsoft.Rest.ClientRuntime (>= 2.3.20)
      System.IdentityModel.Tokens.Jwt (>= 4.0.4.403061554)

GROUP VS2019
RESTRICTION: == net472
NUGET
  remote: https://api.nuget.org/v3/index.json
    Ben.Demystifier (0.3)
      System.Reflection.Metadata (>= 5.0)
      System.Threading.Tasks.Extensions (>= 4.5.4)
    MessagePack (2.2.85)
      MessagePack.Annotations (>= 2.2.85)
      Microsoft.Bcl.AsyncInterfaces (>= 1.0)
      System.Collections.Immutable (>= 1.5)
      System.Memory (>= 4.5.3)
      System.Reflection.Emit (>= 4.6)
      System.Reflection.Emit.Lightweight (>= 4.6)
      System.Runtime.CompilerServices.Unsafe (>= 4.5.2)
      System.Threading.Tasks.Extensions (>= 4.5.3)
    MessagePack.Annotations (2.2.85)
    Microsoft.AspNet.WebApi.Client (5.2.7)
      Newtonsoft.Json (>= 6.0.4)
    Microsoft.AspNet.WebApi.Core (5.2.7)
      Microsoft.AspNet.WebApi.Client (>= 5.2.7)
    Microsoft.AspNet.WebApi.WebHost (5.2.7)
      Microsoft.AspNet.WebApi.Core (>= 5.2.7 < 5.3)
    Microsoft.Bcl.AsyncInterfaces (5.0)
      System.Threading.Tasks.Extensions (>= 4.5.4)
    Microsoft.CodeAnalysis.BannedApiAnalyzers (3.3.2)
    Microsoft.Diagnostics.Tracing.EventSource.Redist (5.0)
    Microsoft.IdentityModel.Clients.ActiveDirectory (5.2.8)
      System.Net.Http (>= 4.3.4)
    Microsoft.IdentityModel.JsonWebTokens (6.8)
      Microsoft.IdentityModel.Tokens (>= 6.8)
    Microsoft.IdentityModel.Logging (6.8)
    Microsoft.IdentityModel.Tokens (6.8)
      Microsoft.IdentityModel.Logging (>= 6.8)
    Microsoft.ServiceHub.Analyzers (2.7.100)
    Microsoft.ServiceHub.Client (2.7.100)
      Microsoft.ServiceHub.Framework (>= 2.7.100)
      Microsoft.ServiceHub.Resources (>= 2.7.100)
      Microsoft.VisualStudio.RemoteControl (>= 16.3.23)
      Microsoft.VisualStudio.Telemetry (>= 16.3.58)
      Nerdbank.Streams (>= 2.6.77)
      StreamJsonRpc (>= 2.6.113)
      System.Collections.Immutable (>= 1.7.1)
    Microsoft.ServiceHub.Framework (2.7.100)
      Microsoft.ServiceHub.Analyzers (>= 2.7.100)
      Nerdbank.Streams (>= 2.6.77)
      StreamJsonRpc (>= 2.6.113)
      System.Collections.Immutable (>= 1.7.1)
    Microsoft.ServiceHub.Resources (2.7.100)
    Microsoft.TeamFoundation.DistributedTask.Common.Contracts (16.170)
      Microsoft.VisualStudio.Services.Client (16.170)
    Microsoft.TeamFoundationServer.Client (16.170)
      Microsoft.AspNet.WebApi.Client (>= 5.2.7)
      Microsoft.AspNet.WebApi.Core (>= 5.2.7)
      Microsoft.AspNet.WebApi.WebHost (>= 5.2.7)
      Microsoft.TeamFoundation.DistributedTask.Common.Contracts (16.170)
      Microsoft.VisualStudio.Services.Client (16.170)
      Newtonsoft.Json (>= 12.0.3)
    Microsoft.TeamFoundationServer.ExtendedClient (16.170)
      Microsoft.AspNet.WebApi.Client (>= 5.2.7)
      Microsoft.AspNet.WebApi.Core (>= 5.2.7)
      Microsoft.IdentityModel.Clients.ActiveDirectory (>= 5.2.6)
      Microsoft.TeamFoundationServer.Client (16.170)
      Microsoft.VisualStudio.Services.Client (16.170)
      Microsoft.VisualStudio.Services.InteractiveClient (16.170)
      Newtonsoft.Json (>= 12.0.3)
      System.IdentityModel.Tokens.Jwt (>= 5.6)
    Microsoft.VisualStudio.CoreUtility (16.8.239)
      Microsoft.VisualStudio.Threading (>= 16.7.56)
      System.Collections.Immutable (>= 1.5)
      System.ComponentModel.Composition (>= 4.5)
    Microsoft.VisualStudio.ImageCatalog (16.7.30328.74)
      Microsoft.VisualStudio.Imaging.Interop.14.0.DesignTime (>= 16.7.30328.74)
    Microsoft.VisualStudio.Imaging (16.7.30329.63)
      Microsoft.VisualStudio.ImageCatalog (>= 16.7.30328.74)
      Microsoft.VisualStudio.Utilities (>= 16.7.30329.38)
    Microsoft.VisualStudio.Imaging.Interop.14.0.DesignTime (16.7.30328.74)
    Microsoft.VisualStudio.OLE.Interop (16.7.30328.74)
    Microsoft.VisualStudio.RegDetour (16.7.30329.38)
    Microsoft.VisualStudio.RemoteControl (16.3.23)
      Microsoft.VisualStudio.Utilities.Internal (>= 16.3.5)
    Microsoft.VisualStudio.SDK.Analyzers (16.7.9)
      Microsoft.CodeAnalysis.BannedApiAnalyzers (>= 3.0)
      Microsoft.VisualStudio.Threading.Analyzers (>= 16.7.40)
    Microsoft.VisualStudio.SDK.EmbedInteropTypes (15.0.36)
    Microsoft.VisualStudio.Services.Client (16.170)
      Microsoft.AspNet.WebApi.Client (>= 5.2.7)
      Microsoft.IdentityModel.Tokens (>= 5.6)
      Newtonsoft.Json (>= 12.0.3)
      System.IdentityModel.Tokens.Jwt (>= 5.6)
    Microsoft.VisualStudio.Services.InteractiveClient (16.170)
      Ben.Demystifier (>= 0.1.2)
      Microsoft.IdentityModel.Clients.ActiveDirectory (>= 5.2.6)
      Microsoft.IdentityModel.Logging (>= 5.6)
      Microsoft.IdentityModel.Tokens (>= 5.6)
      Microsoft.VisualStudio.Services.Client (16.170)
      Newtonsoft.Json (>= 12.0.3)
      System.IdentityModel.Tokens.Jwt (>= 5.6)
    Microsoft.VisualStudio.Settings.15.0 (16.7.30329.88)
      Microsoft.VisualStudio.RegDetour (>= 16.7.30329.38)
      Microsoft.VisualStudio.Shell.15.0 (>= 16.7.30329.88)
    Microsoft.VisualStudio.Setup.Configuration.Interop (1.16.30)
    Microsoft.VisualStudio.Shell.15.0 (16.7.30329.88)
      Microsoft.ServiceHub.Framework (>= 2.4.227)
      Microsoft.VisualStudio.Imaging (>= 16.7.30329.63)
      Microsoft.VisualStudio.SDK.EmbedInteropTypes (>= 15.0.30)
      Microsoft.VisualStudio.Shell.Embeddable (>= 16.7.30328.119)
      Microsoft.VisualStudio.Shell.Framework (>= 16.7.30329.88)
      Microsoft.VisualStudio.Shell.Interop.14.0.DesignTime (>= 14.3.26930)
      Microsoft.VisualStudio.Shell.Interop.15.3.DesignTime (>= 15.0.26930)
      Microsoft.VisualStudio.Shell.Interop.15.6.DesignTime (>= 15.6.27414)
      Microsoft.VisualStudio.Shell.Interop.9.0 (>= 9.0.30731)
      Microsoft.VisualStudio.Telemetry (>= 16.3.59)
      Microsoft.VisualStudio.Text.Data (>= 16.0.428)
      Microsoft.VisualStudio.Threading (>= 16.7.40)
      System.Collections.Immutable (>= 1.5)
    Microsoft.VisualStudio.Shell.Embeddable (16.7.30328.119)
      Microsoft.ServiceHub.Framework (>= 2.6.92)
      Microsoft.VisualStudio.Imaging.Interop.14.0.DesignTime (>= 14.3.26931)
      Nerdbank.NetStandardBridge (>= 1.0.3)
    Microsoft.VisualStudio.Shell.Framework (16.7.30329.88)
      Microsoft.VisualStudio.OLE.Interop (>= 7.10.6072)
      Microsoft.VisualStudio.SDK.Analyzers (>= 16.7.8)
      Microsoft.VisualStudio.Utilities (>= 16.7.30329.38)
    Microsoft.VisualStudio.Shell.Interop (16.7.30328.74)
      Microsoft.VisualStudio.TextManager.Interop (>= 16.7.30328.74)
    Microsoft.VisualStudio.Shell.Interop.10.0 (16.7.30328.74)
      Microsoft.VisualStudio.Shell.Interop.8.0 (>= 16.7.30328.74)
    Microsoft.VisualStudio.Shell.Interop.11.0 (16.7.30328.74)
      Microsoft.VisualStudio.Shell.Interop.10.0 (>= 16.7.30328.74)
    Microsoft.VisualStudio.Shell.Interop.12.0 (16.7.30328.74)
      Microsoft.VisualStudio.Shell.Interop.11.0 (>= 16.7.30328.74)
    Microsoft.VisualStudio.Shell.Interop.14.0.DesignTime (16.7.30328.74)
      Microsoft.VisualStudio.Imaging.Interop.14.0.DesignTime (>= 16.7.30328.74)
      Microsoft.VisualStudio.Shell.Interop.12.0 (>= 16.7.30328.74)
    Microsoft.VisualStudio.Shell.Interop.15.3.DesignTime (16.7.30328.74)
      Microsoft.VisualStudio.Shell.Interop.11.0 (>= 16.7.30328.74)
    Microsoft.VisualStudio.Shell.Interop.15.6.DesignTime (16.7.30328.74)
      Microsoft.VisualStudio.Shell.Interop.11.0 (>= 16.7.30328.74)
    Microsoft.VisualStudio.Shell.Interop.8.0 (16.7.30328.74)
      Microsoft.VisualStudio.TextManager.Interop.8.0 (>= 16.7.30328.74)
    Microsoft.VisualStudio.Shell.Interop.9.0 (16.7.30328.74)
      Microsoft.VisualStudio.Shell.Interop.8.0 (>= 16.7.30328.74)
    Microsoft.VisualStudio.Telemetry (16.3.59)
      Microsoft.Diagnostics.Tracing.EventSource.Redist (>= 1.1.28)
      Microsoft.VisualStudio.RemoteControl (>= 16.3.23)
      Newtonsoft.Json (>= 9.0.1)
    Microsoft.VisualStudio.Text.Data (16.8.239)
      Microsoft.VisualStudio.CoreUtility (>= 16.8.239)
      Microsoft.VisualStudio.Threading (>= 16.7.56)
    Microsoft.VisualStudio.TextManager.Interop (16.7.30328.74)
      Microsoft.VisualStudio.OLE.Interop (>= 16.7.30328.74)
    Microsoft.VisualStudio.TextManager.Interop.8.0 (16.7.30328.74)
      Microsoft.VisualStudio.Shell.Interop (>= 16.7.30328.74)
    Microsoft.VisualStudio.Threading (16.8.55)
      Microsoft.Bcl.AsyncInterfaces (>= 1.1.1)
      Microsoft.VisualStudio.Threading.Analyzers (>= 16.8.55)
      Microsoft.VisualStudio.Validation (>= 16.8.33)
      Microsoft.Win32.Registry (>= 4.7)
      System.Threading.Tasks.Extensions (>= 4.5.4)
    Microsoft.VisualStudio.Threading.Analyzers (16.8.55)
    Microsoft.VisualStudio.Utilities (16.7.30329.38)
      Microsoft.ServiceHub.Client (>= 2.6.92)
      System.ComponentModel.Composition (>= 4.5)
      System.Threading.AccessControl (>= 4.7)
      System.Threading.Tasks.Dataflow (>= 4.9)
    Microsoft.VisualStudio.Utilities.Internal (16.3.23)
    Microsoft.VisualStudio.Validation (16.8.33)
    Microsoft.Win32.Registry (5.0)
      System.Security.AccessControl (>= 5.0)
      System.Security.Principal.Windows (>= 5.0)
    Nerdbank.NetStandardBridge (1.0.3)
    Nerdbank.Streams (2.6.81)
      Microsoft.Bcl.AsyncInterfaces (>= 1.1.1)
      Microsoft.VisualStudio.Threading (>= 16.7.56)
      Microsoft.VisualStudio.Validation (>= 15.5.31)
      System.IO.Pipelines (>= 4.7.2)
      System.Net.WebSockets (>= 4.3)
      System.Runtime.CompilerServices.Unsafe (>= 4.7.1)
    Newtonsoft.Json (12.0.3)
    StreamJsonRpc (2.6.121)
      MessagePack (>= 2.1.194)
      Microsoft.Bcl.AsyncInterfaces (>= 1.1.1)
      Microsoft.VisualStudio.Threading (>= 16.7.56)
      Nerdbank.Streams (>= 2.6.77)
      Newtonsoft.Json (>= 12.0.2)
      System.Collections.Immutable (>= 1.7.1)
      System.IO.Pipelines (>= 4.7.2)
      System.Memory (>= 4.5.4)
      System.Net.Http (>= 4.3.4)
      System.Net.WebSockets (>= 4.3)
      System.Reflection.Emit (>= 4.7)
      System.Threading.Tasks.Dataflow (>= 4.11.1)
      System.Threading.Tasks.Extensions (>= 4.5.4)
    System.Buffers (4.5.1)
    System.Collections.Immutable (5.0)
      System.Memory (>= 4.5.4)
    System.ComponentModel.Composition (5.0)
    System.IdentityModel.Tokens.Jwt (6.8)
      Microsoft.IdentityModel.JsonWebTokens (>= 6.8)
      Microsoft.IdentityModel.Tokens (>= 6.8)
    System.IO (4.3)
    System.IO.Pipelines (5.0.1)
      System.Buffers (>= 4.5.1)
      System.Memory (>= 4.5.4)
      System.Threading.Tasks.Extensions (>= 4.5.4)
    System.Memory (4.5.4)
      System.Buffers (>= 4.5.1)
      System.Numerics.Vectors (>= 4.5)
      System.Runtime.CompilerServices.Unsafe (>= 4.5.3)
    System.Net.Http (4.3.4)
      System.Security.Cryptography.X509Certificates (>= 4.3)
    System.Net.WebSockets (4.3)
    System.Numerics.Vectors (4.5)
    System.Reflection.Emit (4.7)
    System.Reflection.Emit.Lightweight (4.7)
    System.Reflection.Metadata (5.0)
      System.Collections.Immutable (>= 5.0)
    System.Runtime (4.3.1)
    System.Runtime.CompilerServices.Unsafe (5.0)
    System.Security.AccessControl (5.0)
      System.Security.Principal.Windows (>= 5.0)
    System.Security.Cryptography.Algorithms (4.3.1)
      System.IO (>= 4.3)
      System.Runtime (>= 4.3)
      System.Security.Cryptography.Encoding (>= 4.3)
      System.Security.Cryptography.Primitives (>= 4.3)
    System.Security.Cryptography.Encoding (4.3)
    System.Security.Cryptography.Primitives (4.3)
    System.Security.Cryptography.X509Certificates (4.3.2)
      System.Security.Cryptography.Algorithms (>= 4.3)
      System.Security.Cryptography.Encoding (>= 4.3)
    System.Security.Principal.Windows (5.0)
    System.Threading.AccessControl (5.0)
      System.Security.AccessControl (>= 5.0)
      System.Security.Principal.Windows (>= 5.0)
    System.Threading.Tasks.Dataflow (5.0)
    System.Threading.Tasks.Extensions (4.5.4)
      System.Runtime.CompilerServices.Unsafe (>= 4.5.3)

GROUP VS2022
RESTRICTION: == net472
NUGET
  remote: https://api.nuget.org/v3/index.json
    Ben.Demystifier (0.4.1)
      System.Reflection.Metadata (>= 5.0)
      System.Threading.Tasks.Extensions (>= 4.5.4)
    MessagePack (2.3.85)
      MessagePack.Annotations (>= 2.3.85)
      Microsoft.Bcl.AsyncInterfaces (>= 1.0)
      System.Collections.Immutable (>= 1.5)
      System.Memory (>= 4.5.3)
      System.Reflection.Emit (>= 4.6)
      System.Reflection.Emit.Lightweight (>= 4.6)
      System.Runtime.CompilerServices.Unsafe (>= 4.5.2)
      System.Threading.Tasks.Extensions (>= 4.5.3)
    MessagePack.Annotations (2.3.85)
    Microsoft.AspNet.WebApi.Client (5.2.7)
      Newtonsoft.Json (>= 6.0.4)
    Microsoft.AspNet.WebApi.Core (5.2.7)
      Microsoft.AspNet.WebApi.Client (>= 5.2.7)
    Microsoft.AspNet.WebApi.WebHost (5.2.7)
      Microsoft.AspNet.WebApi.Core (>= 5.2.7 < 5.3)
    Microsoft.Bcl.AsyncInterfaces (6.0)
      System.Threading.Tasks.Extensions (>= 4.5.4)
    Microsoft.Build.Framework (17.0)
    Microsoft.CodeAnalysis.BannedApiAnalyzers (3.3.3)
    Microsoft.CSharp (4.7)
    Microsoft.IdentityModel.Clients.ActiveDirectory (5.2.9)
      System.Net.Http (>= 4.3.4)
      System.Private.Uri (>= 4.3.2)
    Microsoft.IdentityModel.JsonWebTokens (6.15.1)
      Microsoft.IdentityModel.Tokens (>= 6.15.1)
    Microsoft.IdentityModel.Logging (6.15.1)
    Microsoft.IdentityModel.Tokens (6.15.1)
      Microsoft.IdentityModel.Logging (>= 6.15.1)
    Microsoft.NETCore.Platforms (6.0.1)
    Microsoft.NETCore.Targets (5.0)
    Microsoft.ServiceHub.Analyzers (3.0.3078)
    Microsoft.ServiceHub.Client (3.0.3078)
      Microsoft.ServiceHub.Framework (>= 3.0.3078)
      Microsoft.ServiceHub.Resources (>= 3.0.3078)
      Microsoft.VisualStudio.RemoteControl (>= 16.3.32)
      Microsoft.VisualStudio.Telemetry (>= 16.3.176)
      StreamJsonRpc (>= 2.7.70)
      System.Collections.Immutable (>= 5.0)
    Microsoft.ServiceHub.Framework (3.0.3078)
      Microsoft.ServiceHub.Analyzers (>= 3.0.3078)
      StreamJsonRpc (>= 2.7.70)
      System.Collections.Immutable (>= 5.0)
    Microsoft.ServiceHub.Resources (3.0.3078)
    Microsoft.TeamFoundation.DistributedTask.Common.Contracts (16.170)
      Microsoft.VisualStudio.Services.Client (16.170)
    Microsoft.TeamFoundationServer.Client (16.170)
      Microsoft.AspNet.WebApi.Client (>= 5.2.7)
      Microsoft.AspNet.WebApi.Core (>= 5.2.7)
      Microsoft.AspNet.WebApi.WebHost (>= 5.2.7)
      Microsoft.TeamFoundation.DistributedTask.Common.Contracts (16.170)
      Microsoft.VisualStudio.Services.Client (16.170)
      Newtonsoft.Json (>= 12.0.3)
    Microsoft.TeamFoundationServer.ExtendedClient (16.170)
      Microsoft.AspNet.WebApi.Client (>= 5.2.7)
      Microsoft.AspNet.WebApi.Core (>= 5.2.7)
      Microsoft.IdentityModel.Clients.ActiveDirectory (>= 5.2.6)
      Microsoft.TeamFoundationServer.Client (16.170)
      Microsoft.VisualStudio.Services.Client (16.170)
      Microsoft.VisualStudio.Services.InteractiveClient (16.170)
      Newtonsoft.Json (>= 12.0.3)
      System.IdentityModel.Tokens.Jwt (>= 5.6)
    Microsoft.VisualStudio.ComponentModelHost (17.0.491)
      Microsoft.VisualStudio.Imaging.Interop.14.0.DesignTime (>= 17.0.31723.112)
      Microsoft.VisualStudio.Interop (>= 17.0.31723.112)
      System.ComponentModel.Composition (>= 4.5)
    Microsoft.VisualStudio.CoreUtility (17.0.491)
      Microsoft.VisualStudio.Threading (>= 17.0.63)
      System.Collections.Immutable (>= 5.0)
      System.ComponentModel.Composition (>= 4.5)
    Microsoft.VisualStudio.GraphModel (17.0.32112.339)
      Microsoft.VisualStudio.Interop (>= 17.0.32112.339)
      System.ComponentModel.Composition (>= 4.5)
    Microsoft.VisualStudio.ImageCatalog (17.0.32112.339)
      Microsoft.VisualStudio.Imaging.Interop.14.0.DesignTime (>= 17.0.32112.339)
      Microsoft.VisualStudio.Interop (>= 17.0.32112.339)
    Microsoft.VisualStudio.Imaging (17.0.32112.339)
      Microsoft.VisualStudio.Imaging.Interop.14.0.DesignTime (>= 17.0.32112.339)
      Microsoft.VisualStudio.Threading (>= 17.0.64)
      Microsoft.VisualStudio.Utilities (>= 17.0.32112.339)
      System.Collections.Immutable (>= 5.0)
    Microsoft.VisualStudio.Imaging.Interop.14.0.DesignTime (17.0.32112.339)
    Microsoft.VisualStudio.Interop (17.0.32112.339)
    Microsoft.VisualStudio.ProjectAggregator (17.0.32112.339)
    Microsoft.VisualStudio.RegDetour (17.0.32112.339)
    Microsoft.VisualStudio.RemoteControl (16.3.44)
      Microsoft.VisualStudio.Utilities.Internal (>= 16.3.36)
    Microsoft.VisualStudio.RpcContracts (17.0.51)
      Microsoft.ServiceHub.Framework (>= 3.0.2061)
      StreamJsonRpc (>= 2.8.28)
    Microsoft.VisualStudio.SDK.Analyzers (16.10.10)
      Microsoft.CodeAnalysis.BannedApiAnalyzers (>= 3.3.2)
      Microsoft.VisualStudio.Threading.Analyzers (>= 16.10.56)
    Microsoft.VisualStudio.Services.Client (16.170)
      Microsoft.AspNet.WebApi.Client (>= 5.2.7)
      Microsoft.IdentityModel.Tokens (>= 5.6)
      Newtonsoft.Json (>= 12.0.3)
      System.IdentityModel.Tokens.Jwt (>= 5.6)
    Microsoft.VisualStudio.Services.InteractiveClient (16.170)
      Ben.Demystifier (>= 0.1.2)
      Microsoft.IdentityModel.Clients.ActiveDirectory (>= 5.2.6)
      Microsoft.IdentityModel.Logging (>= 5.6)
      Microsoft.IdentityModel.Tokens (>= 5.6)
      Microsoft.VisualStudio.Services.Client (16.170)
      Newtonsoft.Json (>= 12.0.3)
      System.IdentityModel.Tokens.Jwt (>= 5.6)
    Microsoft.VisualStudio.Settings.15.0 (17.0.32112.339)
      Microsoft.VisualStudio.RegDetour (>= 17.0.32112.339)
      Microsoft.VisualStudio.Shell.15.0 (>= 17.0.32112.339)
    Microsoft.VisualStudio.Setup.Configuration.Interop (3.0.4496)
    Microsoft.VisualStudio.Shell.15.0 (17.0.32112.339)
      Microsoft.VisualStudio.ComponentModelHost (>= 17.0.491)
      Microsoft.VisualStudio.ImageCatalog (>= 17.0.32112.339)
      Microsoft.VisualStudio.Imaging (>= 17.0.32112.339)
      Microsoft.VisualStudio.Imaging.Interop.14.0.DesignTime (>= 17.0.32112.339)
      Microsoft.VisualStudio.Interop (>= 17.0.32112.339)
      Microsoft.VisualStudio.ProjectAggregator (>= 17.0.32112.339)
      Microsoft.VisualStudio.SDK.Analyzers (>= 16.10.10)
      Microsoft.VisualStudio.Shell.Framework (>= 17.0.32112.339)
      Microsoft.VisualStudio.Text.Data (>= 17.0.491)
      Microsoft.VisualStudio.Utilities (>= 17.0.32112.339)
    Microsoft.VisualStudio.Shell.Framework (17.0.32112.339)
      Microsoft.Build.Framework (>= 16.5)
      Microsoft.VisualStudio.GraphModel (>= 17.0.32112.339)
      Microsoft.VisualStudio.Imaging.Interop.14.0.DesignTime (>= 17.0.32112.339)
      Microsoft.VisualStudio.Interop (>= 17.0.32112.339)
      Microsoft.VisualStudio.SDK.Analyzers (>= 16.10.10)
      Microsoft.VisualStudio.Telemetry (>= 16.3.250)
      Microsoft.VisualStudio.Text.Data (>= 17.0.491)
      Microsoft.VisualStudio.Threading (>= 17.0.64)
      Microsoft.VisualStudio.Utilities (>= 17.0.32112.339)
      Newtonsoft.Json (>= 13.0.1)
      System.ComponentModel.Composition (>= 4.5)
      System.Threading.Tasks.Dataflow (>= 5.0)
      System.Threading.Tasks.Extensions (>= 4.5.4)
    Microsoft.VisualStudio.Telemetry (16.4.22)
      Microsoft.CSharp (>= 4.7)
      Microsoft.VisualStudio.RemoteControl (>= 16.3.44)
      Microsoft.VisualStudio.Utilities.Internal (>= 16.3.36)
      Newtonsoft.Json (>= 13.0.1)
      System.Runtime.CompilerServices.Unsafe (>= 5.0)
    Microsoft.VisualStudio.Text.Data (17.0.491)
      Microsoft.VisualStudio.CoreUtility (>= 17.0.491)
      Microsoft.VisualStudio.Threading (>= 17.0.63)
    Microsoft.VisualStudio.Threading (17.0.64)
      Microsoft.Bcl.AsyncInterfaces (>= 5.0)
      Microsoft.VisualStudio.Threading.Analyzers (>= 17.0.64)
      Microsoft.VisualStudio.Validation (>= 16.10.35)
      Microsoft.Win32.Registry (>= 5.0)
      System.Threading.Tasks.Extensions (>= 4.5.4)
    Microsoft.VisualStudio.Threading.Analyzers (17.0.64)
    Microsoft.VisualStudio.Utilities (17.0.32112.339)
      Microsoft.ServiceHub.Client (>= 3.0.3078)
      Microsoft.VisualStudio.RpcContracts (>= 17.0.51)
      Microsoft.VisualStudio.Telemetry (>= 16.3.250)
      System.ComponentModel.Composition (>= 4.5)
      System.Threading.AccessControl (>= 5.0)
      System.Threading.Tasks.Dataflow (>= 5.0)
    Microsoft.VisualStudio.Utilities.Internal (16.3.36)
    Microsoft.VisualStudio.Validation (17.0.34)
    Microsoft.Win32.Registry (5.0)
      System.Security.AccessControl (>= 5.0)
      System.Security.Principal.Windows (>= 5.0)
    Nerdbank.Streams (2.8.57)
      Microsoft.Bcl.AsyncInterfaces (>= 5.0)
      Microsoft.VisualStudio.Threading (>= 16.10.56)
      Microsoft.VisualStudio.Validation (>= 16.10.26)
      System.IO.Pipelines (>= 5.0.1)
      System.Runtime.CompilerServices.Unsafe (>= 5.0)
    Newtonsoft.Json (13.0.1)
    StreamJsonRpc (2.9.85)
      MessagePack (>= 2.3.75)
      Microsoft.Bcl.AsyncInterfaces (>= 5.0)
      Microsoft.VisualStudio.Threading (>= 16.10.56)
      Nerdbank.Streams (>= 2.8.46)
      Newtonsoft.Json (>= 13.0.1)
      System.Collections.Immutable (>= 5.0)
      System.Diagnostics.DiagnosticSource (>= 5.0.1)
      System.IO.Pipelines (>= 5.0.1)
      System.Memory (>= 4.5.4)
      System.Net.Http (>= 4.3.4)
      System.Net.WebSockets (>= 4.3)
      System.Reflection.Emit (>= 4.7)
      System.Threading.Tasks.Dataflow (>= 5.0)
      System.Threading.Tasks.Extensions (>= 4.5.4)
    System.Buffers (4.5.1)
    System.Collections.Immutable (6.0)
      System.Memory (>= 4.5.4)
      System.Runtime.CompilerServices.Unsafe (>= 6.0)
    System.ComponentModel.Composition (6.0)
    System.Diagnostics.DiagnosticSource (6.0)
      System.Memory (>= 4.5.4)
      System.Runtime.CompilerServices.Unsafe (>= 6.0)
    System.IdentityModel.Tokens.Jwt (6.15.1)
      Microsoft.IdentityModel.JsonWebTokens (>= 6.15.1)
      Microsoft.IdentityModel.Tokens (>= 6.15.1)
    System.IO (4.3)
    System.IO.Pipelines (6.0.1)
      System.Buffers (>= 4.5.1)
      System.Memory (>= 4.5.4)
      System.Threading.Tasks.Extensions (>= 4.5.4)
    System.Memory (4.5.4)
      System.Buffers (>= 4.5.1)
      System.Numerics.Vectors (>= 4.5)
      System.Runtime.CompilerServices.Unsafe (>= 4.5.3)
    System.Net.Http (4.3.4)
      System.Security.Cryptography.X509Certificates (>= 4.3)
    System.Net.WebSockets (4.3)
    System.Numerics.Vectors (4.5)
    System.Private.Uri (4.3.2)
      Microsoft.NETCore.Platforms (>= 1.1.1)
      Microsoft.NETCore.Targets (>= 1.1.3)
    System.Reflection.Emit (4.7)
    System.Reflection.Emit.Lightweight (4.7)
    System.Reflection.Metadata (6.0)
      System.Collections.Immutable (>= 6.0)
    System.Runtime (4.3.1)
    System.Runtime.CompilerServices.Unsafe (6.0)
    System.Security.AccessControl (6.0)
      System.Security.Principal.Windows (>= 5.0)
    System.Security.Cryptography.Algorithms (4.3.1)
      System.IO (>= 4.3)
      System.Runtime (>= 4.3)
      System.Security.Cryptography.Encoding (>= 4.3)
      System.Security.Cryptography.Primitives (>= 4.3)
    System.Security.Cryptography.Encoding (4.3)
    System.Security.Cryptography.Primitives (4.3)
    System.Security.Cryptography.X509Certificates (4.3.2)
      System.Security.Cryptography.Algorithms (>= 4.3)
      System.Security.Cryptography.Encoding (>= 4.3)
    System.Security.Principal.Windows (5.0)
    System.Threading.AccessControl (6.0)
      System.Security.AccessControl (>= 6.0)
      System.Security.Principal.Windows (>= 5.0)
    System.Threading.Tasks.Dataflow (6.0)
    System.Threading.Tasks.Extensions (4.5.4)
      System.Runtime.CompilerServices.Unsafe (>= 4.5.3)
